PATH
  remote: .
  specs:
    audio_waveform-ruby (1.0.1)
      json

GEM
  remote: https://rubygems.org/
  specs:
    diff-lcs (1.2.4)
    json (1.8.0)
    multi_json (1.8.1)
    rake (10.3.1)
    redcarpet (3.0.0)
    rspec (2.14.1)
      rspec-core (~> 2.14.0)
      rspec-expectations (~> 2.14.0)
      rspec-mocks (~> 2.14.0)
    rspec-core (2.14.5)
    rspec-expectations (2.14.3)
      diff-lcs (>= 1.1.3, < 2.0)
    rspec-mocks (2.14.3)
    simplecov (0.7.1)
      multi_json (~> 1.0)
      simplecov-html (~> 0.7.1)
    simplecov-html (0.7.1)
    yard (0.8.7.2)

PLATFORMS
  ruby

DEPENDENCIES
  audio_waveform-ruby!
  rake
  redcarpet
  rspec
  simplecov
  yard
