PATH
  remote: .
  specs:
    audio_waveform-ruby (1.0.2)
      json (~> 1.8.5)

GEM
  remote: https://rubygems.org/
  specs:
    diff-lcs (1.3)
    docile (1.1.5)
    json (1.8.6)
    rake (12.0.0)
    redcarpet (3.4.0)
    rspec (3.5.0)
      rspec-core (~> 3.5.0)
      rspec-expectations (~> 3.5.0)
      rspec-mocks (~> 3.5.0)
    rspec-core (3.5.4)
      rspec-support (~> 3.5.0)
    rspec-expectations (3.5.0)
      diff-lcs (>= 1.2.0, < 2.0)
      rspec-support (~> 3.5.0)
    rspec-mocks (3.5.0)
      diff-lcs (>= 1.2.0, < 2.0)
      rspec-support (~> 3.5.0)
    rspec-support (3.5.0)
    simplecov (0.14.1)
      docile (~> 1.1.0)
      json (>= 1.8, < 3)
      simplecov-html (~> 0.10.0)
    simplecov-html (0.10.0)
    yard (0.9.8)

PLATFORMS
  ruby

DEPENDENCIES
  audio_waveform-ruby!
  rake
  redcarpet
  rspec
  simplecov
  yard

BUNDLED WITH
   1.13.1
